PATH
  remote: .
  specs:
    identicon (0.0.1)
      chunky_png

GEM
  remote: https://rubygems.org/
  specs:
    chunky_png (1.2.9)
    rake (10.1.1)

PLATFORMS
  ruby

DEPENDENCIES
  bundler (~> 1.5)
  identicon!
  rake
