PATH
  remote: .
  specs:
    identicon (0.0.1)
      chunky_png

GEM
  remote: https://rubygems.org/
  specs:
    chunky_png (1.2.9)
    daemons (1.1.9)
    eventmachine (1.0.3)
    rack (1.5.2)
    rake (10.1.1)
    thin (1.6.1)
      daemons (>= 1.0.9)
      eventmachine (>= 1.0.0)
      rack (>= 1.0.0)

PLATFORMS
  ruby

DEPENDENCIES
  bundler (~> 1.5)
  identicon!
  rake
  thin
